{
	"Modality": "MR",
	"MagneticFieldStrength": 3,
	"Manufacturer": "Siemens",
	"ManufacturersModelName": "Prisma",
	"InstitutionName": "UConn_BIRC",
	"InstitutionalDepartmentName": "Department",
	"InstitutionAddress": "BOLTON_ROAD_850_STORRS_CONNECTICUT_US_06268",
	"DeviceSerialNumber": "66046",
	"StationName": "AWP66046",
	"BodyPartExamined": "BRAIN",
	"PatientPosition": "HFS",
	"ProcedureStepDescription": "UConn_IBRAIN_(126)",
	"SoftwareVersions": "syngo_MR_E11",
	"MRAcquisitionType": "3D",
	"SeriesDescription": "T1w_MPR",
	"ProtocolName": "T1w_MPR",
	"ScanningSequence": "GR_IR",
	"SequenceVariant": "SK_SP_MP",
	"ScanOptions": "IR_WE",
	"SequenceName": "_tfl3d1_16ns",
	"ImageType": ["ORIGINAL", "PRIMARY", "M", "ND"],
	"SeriesNumber": 5,
	"AcquisitionTime": "13:32:26.985000",
	"AcquisitionNumber": 1,
	"SliceThickness": 0.8,
	"SAR": 0.0364633,
	"EchoTime": 0.00222,
	"RepetitionTime": 2.4,
	"InversionTime": 1,
	"FlipAngle": 8,
	"PartialFourier": 1,
	"BaseResolution": 320,
	"ShimSetting": [
		-2932,
		-7459,
		1054,
		434,
		-146,
		-321,
		55,
		61	],
	"TxRefAmp": 237.388,
	"PhaseResolution": 1,
	"ReceiveCoilName": "HeadNeck_64",
	"ReceiveCoilActiveElements": "HC1-7;NC1,2",
	"PulseSequenceDetails": "%SiemensSeq%_tfl",
	"ConsistencyInfo": "N4_VE11C_LATEST_20160120",
	"PercentPhaseFOV": 93.75,
	"PhaseEncodingSteps": 299,
	"AcquisitionMatrixPE": 300,
	"ReconMatrixPE": 320,
	"ParallelReductionFactorInPlane": 2,
	"PixelBandwidth": 220,
	"DwellTime": 7.1e-06,
	"ImageOrientationPatientDICOM": [
		-0.0237249,
		0.999201,
		0.0321552,
		-0.0896492,
		0.0299083,
		-0.995524	],
	"InPlanePhaseEncodingDirectionDICOM": "ROW",
	"ConversionSoftware": "dcm2niix",
	"ConversionSoftwareVersion": "v1.0.20180826 BETA  (JP2:OpenJPEG) GCC5.4.0"
}
